GEM
  remote: https://rubygems.org/
  specs:
    Ascii85 (1.0.2)
    commander (4.1.3)
      highline (~> 1.6.11)
    highline (1.6.19)
    json (1.8.0)
    libsvm-ruby-swig (0.4.0)
    nokogiri (1.5.9)
    pdf-extract (0.1.1)
      commander (>= 4.0.4)
      json (>= 1.5.1)
      libsvm-ruby-swig (>= 0.4.0)
      nokogiri (>= 1.5.0)
      pdf-reader (>= 1.1.0)
      prawn (>= 0.11.1)
      sqlite3 (>= 1.3.4)
    pdf-reader (1.1.1)
      Ascii85 (~> 1.0.0)
      ruby-rc4
    prawn (0.12.0)
      pdf-reader (>= 0.9.0)
      ttfunk (~> 1.0.2)
    ruby-rc4 (0.1.5)
    sqlite3 (1.3.7)
    ttfunk (1.0.3)

PLATFORMS
  ruby

DEPENDENCIES
  pdf-extract
  pdf-reader (= 1.1.1)
