GEM
  remote: https://rubygems.org/
  specs:
    Ascii85 (1.0.2)
    addressable (2.3.4)
    coderay (1.0.9)
    crack (0.3.2)
    method_source (0.8.1)
    nokogiri (1.5.9)
    pdf-reader (1.1.1)
      Ascii85 (~> 1.0.0)
      ruby-rc4
    pry (0.9.12)
      coderay (~> 1.0.5)
      method_source (~> 0.8)
      slop (~> 3.4)
    ruby-rc4 (0.1.5)
    slop (3.4.4)
    vcr (2.4.0)
    webmock (1.9.3)
      addressable (>= 2.2.7)
      crack (>= 0.3.2)

PLATFORMS
  ruby

DEPENDENCIES
  nokogiri
  pdf-reader
  pry
  vcr
  webmock (~> 1.9.0)
